GEM
  remote: https://rubygems.org/
  specs:
    bencode (0.8.2)
    colorize (0.8.1)
    domain_name (0.5.20170404)
      unf (>= 0.0.5, < 1.0.0)
    http-cookie (1.0.3)
      domain_name (~> 0.5)
    mechanize (2.7.5)
      domain_name (~> 0.5, >= 0.5.1)
      http-cookie (~> 1.0)
      mime-types (>= 1.17.2)
      net-http-digest_auth (~> 1.1, >= 1.1.1)
      net-http-persistent (~> 2.5, >= 2.5.2)
      nokogiri (~> 1.6)
      ntlm-http (~> 0.1, >= 0.1.1)
      webrobots (>= 0.0.9, < 0.2)
    mime-types (3.1)
      mime-types-data (~> 3.2015)
    mime-types-data (3.2016.0521)
    mini_magick (4.8.0)
    mini_portile2 (2.3.0)
    net-http-digest_auth (1.4.1)
    net-http-persistent (2.9.4)
    nokogiri (1.8.1-x64-mingw32)
      mini_portile2 (~> 2.3.0)
    ntlm-http (0.1.1)
    ocra (1.3.10)
    rake (12.3.1)
    ruby-progressbar (1.9.0)
    rubyzip (1.2.1)
    unf (0.1.4)
      unf_ext
    unf_ext (0.0.7.5-x64-mingw32)
    webrobots (0.1.2)

PLATFORMS
  x64-mingw32

DEPENDENCIES
  bencode
  colorize
  mechanize
  mini_magick
  ocra
  rake
  ruby-progressbar
  rubyzip

BUNDLED WITH
   1.16.1
