GEM
  remote: https://rubygems.org/
  specs:
    bencode (0.8.2)
    colorize (0.8.1)
    mini_magick (4.8.0)
    rake (12.3.1)
    ruby-progressbar (1.9.0)
    rubyzip (1.2.1)

PLATFORMS
  x64-mingw32

DEPENDENCIES
  bencode
  colorize
  mini_magick
  rake
  ruby-progressbar
  rubyzip

BUNDLED WITH
   1.16.1
