GEM
  remote: https://rubygems.org/
  specs:
    colorize (0.8.1)
    mini_magick (4.8.0)
    ocra (1.3.10)
    ruby-progressbar (1.9.0)
    rubyzip (1.2.1)

PLATFORMS
  x64-mingw32

DEPENDENCIES
  colorize
  mini_magick
  ocra
  ruby-progressbar
  rubyzip

BUNDLED WITH
   1.16.1
