PATH
  remote: .
  specs:
    vrtk (0.0.1.2)

GEM
  remote: https://rubygems.org/
  specs:
    colorize (0.8.1)
    mini_magick (4.8.0)
    rake (12.3.1)

PLATFORMS
  x64-mingw32

DEPENDENCIES
  bundler
  colorize
  mini_magick
  rake
  vrtk!

BUNDLED WITH
   1.16.1
