GEM
  remote: https://rubygems.org/
  specs:
    bencode (0.8.2)
    colorize (0.8.1)
    mini_magick (4.9.5)
    rake (12.3.3)
    ruby-progressbar (1.10.1)
    rubyzip (1.2.3)

PLATFORMS
  ruby
  x64-mingw32

DEPENDENCIES
  bencode
  colorize
  mini_magick
  rake
  ruby-progressbar
  rubyzip

BUNDLED WITH
   1.17.2
